GEM
  remote: https://rubygems.org/
  specs:
    coderay (1.1.1)
    dotenv (2.1.1)
    method_source (0.8.2)
    pry (0.10.3)
      coderay (~> 1.1.0)
      method_source (~> 0.8.1)
      slop (~> 3.4)
    rack (1.6.13)
    rack-protection (1.5.5)
      rack
    sinatra (1.4.6)
      rack (~> 1.4)
      rack-protection (~> 1.4)
      tilt (>= 1.3, < 3)
    slop (3.6.0)
    tilt (2.0.1)

PLATFORMS
  ruby

DEPENDENCIES
  dotenv
  pry
  sinatra

BUNDLED WITH
   1.11.2
